GEM
  remote: https://rubygems.org/
  specs:
    ZenTest (4.9.0)
    activemodel (3.2.12)
      activesupport (= 3.2.12)
      builder (~> 3.0.0)
    activesupport (3.2.12)
      i18n (~> 0.6)
      multi_json (~> 1.0)
    autotest (4.4.6)
      ZenTest (>= 4.4.1)
    backports (3.0.3)
    bson (1.8.2)
    bson_ext (1.8.2)
      bson (~> 1.8.2)
    builder (3.0.4)
    coderay (1.0.9)
    daemons (1.1.9)
    dalli (2.6.2)
    diff-lcs (1.2.1)
    eventmachine (1.0.1)
    haml (4.0.0)
      tilt
    hashie (1.2.0)
    i18n (0.6.4)
    method_source (0.8.1)
    mongo (1.8.2)
      bson (~> 1.8.2)
    mongo_mapper (0.12.0)
      activemodel (~> 3.0)
      activesupport (~> 3.0)
      plucky (~> 0.5.2)
    multi_json (1.6.1)
    oauth (0.4.7)
    omniauth (1.1.3)
      hashie (~> 1.2)
      rack
    omniauth-oauth (1.0.1)
      oauth
      omniauth (~> 1.0)
    omniauth-twitter (0.0.14)
      multi_json (~> 1.3)
      omniauth-oauth (~> 1.0)
    pit (0.0.7)
    plucky (0.5.2)
      mongo (~> 1.5)
    pry (0.9.12)
      coderay (~> 1.0.5)
      method_source (~> 0.8)
      slop (~> 3.4)
    rack (1.5.2)
    rack-protection (1.4.0)
      rack
    rack-session-mongo (0.0.1)
      mongo
      rack
    rack-test (0.6.2)
      rack (>= 1.0)
    rack_csrf (2.4.0)
      rack (>= 0.9)
    rake (10.0.3)
    rspec (2.13.0)
      rspec-core (~> 2.13.0)
      rspec-expectations (~> 2.13.0)
      rspec-mocks (~> 2.13.0)
    rspec-core (2.13.0)
    rspec-expectations (2.13.0)
      diff-lcs (>= 1.1.3, < 2.0)
    rspec-mocks (2.13.0)
    sinatra (1.3.5)
      rack (~> 1.4)
      rack-protection (~> 1.3)
      tilt (~> 1.3, >= 1.3.3)
    sinatra-contrib (1.3.2)
      backports (>= 2.0)
      eventmachine
      rack-protection
      rack-test
      sinatra (~> 1.3.0)
      tilt (~> 1.3)
    sinatra-reloader (1.0)
      sinatra-contrib
    slop (3.4.3)
    thin (1.5.0)
      daemons (>= 1.0.9)
      eventmachine (>= 0.12.6)
      rack (>= 1.0.0)
    tilt (1.3.4)

PLATFORMS
  ruby

DEPENDENCIES
  autotest
  bson_ext
  dalli
  haml
  mongo_mapper
  omniauth
  omniauth-twitter
  pit
  pry
  rack-session-mongo
  rack_csrf
  rake
  rspec
  sinatra
  sinatra-reloader
  thin
